PATH
  remote: .
  specs:
    onlyoffice_documentserver_testing_framework (2.20.0)
      onlyoffice_logger_helper (~> 1)
      onlyoffice_webdriver_wrapper (~> 1, >= 1.10.0)

GEM
  remote: https://rubygems.org/
  specs:
    ast (2.4.2)
    aws-eventstream (1.3.1)
    aws-partitions (1.1068.0)
    aws-sdk-core (3.219.0)
      aws-eventstream (~> 1, >= 1.3.0)
      aws-partitions (~> 1, >= 1.992.0)
      aws-sigv4 (~> 1.9)
      base64
      jmespath (~> 1, >= 1.6.1)
    aws-sdk-kms (1.99.0)
      aws-sdk-core (~> 3, >= 3.216.0)
      aws-sigv4 (~> 1.5)
    aws-sdk-s3 (1.182.0)
      aws-sdk-core (~> 3, >= 3.216.0)
      aws-sdk-kms (~> 1)
      aws-sigv4 (~> 1.5)
    aws-sigv4 (1.11.0)
      aws-eventstream (~> 1, >= 1.0.2)
    base64 (0.2.0)
    childprocess (5.1.0)
      logger (~> 1.5)
    concurrent-ruby (1.3.5)
    data_magic (1.2)
      faker (>= 1.1.2)
      yml_reader (>= 0.6)
    diff-lcs (1.6.0)
    docile (1.4.1)
    faker (3.5.1)
      i18n (>= 1.8.11, < 2)
    headless (2.3.1)
    i18n (1.14.7)
      concurrent-ruby (~> 1.0)
    iniparse (1.5.0)
    jmespath (1.6.2)
    json (2.10.1)
    language_server-protocol (3.17.0.4)
    lint_roller (1.1.0)
    logger (1.6.6)
    onlyoffice_file_helper (2.1.0)
      onlyoffice_logger_helper (~> 1)
      rubyzip (~> 2)
    onlyoffice_logger_helper (1.3.0)
    onlyoffice_s3_wrapper (2.1.0)
      aws-sdk-s3 (~> 1)
      base64 (~> 0)
      onlyoffice_file_helper (< 3)
    onlyoffice_webdriver_wrapper (1.35.0)
      headless (~> 2)
      onlyoffice_file_helper (< 3)
      onlyoffice_logger_helper (~> 1)
      onlyoffice_s3_wrapper (>= 0.5.0, < 3)
      page-object (~> 2)
      selenium-webdriver (~> 4, != 4.12.0)
      watir (~> 7)
    overcommit (0.67.0)
      childprocess (>= 0.6.3, < 6)
      iniparse (~> 1.4)
      rexml (>= 3.3.9)
    page-object (2.3.1)
      page_navigation (>= 0.10)
      watir (>= 6.10.3)
    page_navigation (0.10)
      data_magic (>= 0.22)
    parallel (1.26.3)
    parser (3.3.7.1)
      ast (~> 2.4.1)
      racc
    racc (1.8.1)
    rainbow (3.1.1)
    rake (13.2.1)
    regexp_parser (2.10.0)
    rexml (3.4.1)
    rspec (3.13.0)
      rspec-core (~> 3.13.0)
      rspec-expectations (~> 3.13.0)
      rspec-mocks (~> 3.13.0)
    rspec-core (3.13.3)
      rspec-support (~> 3.13.0)
    rspec-expectations (3.13.3)
      diff-lcs (>= 1.2.0, < 2.0)
      rspec-support (~> 3.13.0)
    rspec-mocks (3.13.2)
      diff-lcs (>= 1.2.0, < 2.0)
      rspec-support (~> 3.13.0)
    rspec-support (3.13.2)
    rubocop (1.72.2)
      json (~> 2.3)
      language_server-protocol (~> 3.17.0.2)
      lint_roller (~> 1.1.0)
      parallel (~> 1.10)
      parser (>= 3.3.0.2)
      rainbow (>= 2.2.2, < 4.0)
      regexp_parser (>= 2.9.3, < 3.0)
      rubocop-ast (>= 1.38.0, < 2.0)
      ruby-progressbar (~> 1.7)
      unicode-display_width (>= 2.4.0, < 4.0)
    rubocop-ast (1.38.1)
      parser (>= 3.3.1.0)
    rubocop-performance (1.24.0)
      lint_roller (~> 1.1)
      rubocop (>= 1.72.1, < 2.0)
      rubocop-ast (>= 1.38.0, < 2.0)
    rubocop-rake (0.7.1)
      lint_roller (~> 1.1)
      rubocop (>= 1.72.1)
    rubocop-rspec (3.5.0)
      lint_roller (~> 1.1)
      rubocop (~> 1.72, >= 1.72.1)
    ruby-progressbar (1.13.0)
    rubyzip (2.4.1)
    selenium-webdriver (4.26.0)
      base64 (~> 0.2)
      logger (~> 1.4)
      rexml (~> 3.2, >= 3.2.5)
      rubyzip (>= 1.2.2, < 3.0)
      websocket (~> 1.0)
    simplecov (0.22.0)
      docile (~> 1.1)
      simplecov-html (~> 0.11)
      simplecov_json_formatter (~> 0.1)
    simplecov-cobertura (2.1.0)
      rexml
      simplecov (~> 0.19)
    simplecov-html (0.13.1)
    simplecov_json_formatter (0.1.4)
    unicode-display_width (3.1.4)
      unicode-emoji (~> 4.0, >= 4.0.4)
    unicode-emoji (4.0.4)
    watir (7.3.0)
      regexp_parser (>= 1.2, < 3)
      selenium-webdriver (~> 4.2)
    websocket (1.2.11)
    yard (0.9.37)
    yml_reader (0.7)

PLATFORMS
  ruby

DEPENDENCIES
  onlyoffice_documentserver_testing_framework!
  overcommit (~> 0)
  rake (~> 13)
  rspec (~> 3)
  rubocop (~> 1)
  rubocop-performance (~> 1)
  rubocop-rake (~> 0)
  rubocop-rspec (~> 3)
  simplecov-cobertura (~> 2)
  yard (>= 0.9.20)

BUNDLED WITH
   2.6.3
